PATH
  remote: .
  specs:
    ruby-smpp (0.6.0.msw.7)

GEM
  remote: https://rubygems.org/
  specs:
    power_assert (0.2.4)
    rake (10.4.2)
    test-unit (3.1.4)
      power_assert

PLATFORMS
  ruby

DEPENDENCIES
  bundler (~> 1.3)
  rake
  ruby-smpp!
  test-unit

BUNDLED WITH
   1.10.6
